PATH
  remote: .
  specs:
    gem_github_action_test (0.0.1)

GEM
  remote: https://rubygems.org/
  specs:
    rake (13.0.6)

PLATFORMS
  x86_64-linux

DEPENDENCIES
  gem_github_action_test!
  rake

BUNDLED WITH
   2.4.10
